GEM
  remote: https://rubygems.org/
  specs:
    eventmachine (1.2.0.1)
    eventmachine_httpserver (0.2.1)
    yajl-ruby (1.2.1)

PLATFORMS
  ruby

DEPENDENCIES
  eventmachine
  eventmachine_httpserver
  yajl-ruby

BUNDLED WITH
   1.13.1
